GEM
  remote: https://rubygems.org/
  specs:
    rspec-core (3.12.2)
      rspec-support (~> 3.12.0)
    rspec-support (3.12.0)

PLATFORMS
  arm64-darwin-21

DEPENDENCIES
  rspec-core

BUNDLED WITH
   2.2.33
